GEM
  remote: https://rubygems.org/
  specs:
    aws-sdk-core (2.0.0.rc3)
      builder (~> 3.0)
      jamespath
      multi_json (~> 1.0)
      multi_xml (~> 0.5)
    builder (3.2.2)
    diff-lcs (1.2.5)
    jamespath (0.5.0)
    multi_json (1.8.2)
    multi_xml (0.5.5)
    rspec (2.14.1)
      rspec-core (~> 2.14.0)
      rspec-expectations (~> 2.14.0)
      rspec-mocks (~> 2.14.0)
    rspec-core (2.14.7)
    rspec-expectations (2.14.4)
      diff-lcs (>= 1.1.3, < 2.0)
    rspec-mocks (2.14.4)

PLATFORMS
  ruby

DEPENDENCIES
  aws-sdk-core (~> 2.0.0.rc1)
  rspec
